GEM
  remote: https://rubygems.org/
  specs:
    serverspec

PLATFORMS
  x86_64-linux

BUNDLED WITH
  2.2.28