GEM
  remote: https://rubygems.org/
  specs:
    serverspec

  RUBY VERSION
   ruby 2.6.3p62

BUNDLED WITH
   2.2.28