GEM
  remote: https://rubygems.org/
  specs:
    serverspec

BUNDLED WITH